GEM
  remote: https://rubygems.org/
  specs:
    ansi (1.5.0)
    builder (3.2.3)
    byebug (9.1.0)
    minitest (5.11.1)
    minitest-reporters (1.1.19)
      ansi
      builder
      minitest (>= 5.0)
      ruby-progressbar
    ruby-progressbar (1.9.0)

PLATFORMS
  ruby

DEPENDENCIES
  byebug
  minitest
  minitest-reporters

BUNDLED WITH
   1.16.1
